GEM
  remote: https://rubygems.org/
  specs:
    byebug (8.2.4)
    diff-lcs (1.2.5)
    docile (1.1.5)
    faraday (0.9.2)
      multipart-post (>= 1.2, < 3)
    faraday_middleware (0.10.0)
      faraday (>= 0.7.4, < 0.10)
    jsender (0.1.6)
    json (1.8.3)
    multipart-post (2.0.0)
    rake (10.5.0)
    rspec (3.4.0)
      rspec-core (~> 3.4.0)
      rspec-expectations (~> 3.4.0)
      rspec-mocks (~> 3.4.0)
    rspec-core (3.4.4)
      rspec-support (~> 3.4.0)
    rspec-expectations (3.4.0)
      diff-lcs (>= 1.2.0, < 2.0)
      rspec-support (~> 3.4.0)
    rspec-mocks (3.4.1)
      diff-lcs (>= 1.2.0, < 2.0)
      rspec-support (~> 3.4.0)
    rspec-support (3.4.1)
    simplecov (0.11.2)
      docile (~> 1.1.0)
      json (~> 1.8)
      simplecov-html (~> 0.10.0)
    simplecov-html (0.10.0)
    simplecov-rcov (0.2.3)
      simplecov (>= 0.4.1)
    soar_customer (0.1.5)
      faraday (~> 0.9)
      faraday_middleware (~> 0.10)
      soar_idm (~> 0.0.2)
    soar_idm (0.0.2)
      jsender

PLATFORMS
  ruby

DEPENDENCIES
  bundler
  byebug
  rake
  rspec
  simplecov
  simplecov-rcov
  soar_customer

BUNDLED WITH
   1.11.2
