GEM
  remote: https://rubygems.org/
  specs:
    diff-lcs (1.2.5)
    eh (0.0.8)
    faraday (0.9.2)
      multipart-post (>= 1.2, < 3)
    faraday_middleware (0.10.0)
      faraday (>= 0.7.4, < 0.10)
    jsender (0.1.6)
    multipart-post (2.0.0)
    persistent-cache-ram (0.4.2)
      eh
    rake (10.5.0)
    rspec (3.4.0)
      rspec-core (~> 3.4.0)
      rspec-expectations (~> 3.4.0)
      rspec-mocks (~> 3.4.0)
    rspec-core (3.4.4)
      rspec-support (~> 3.4.0)
    rspec-expectations (3.4.0)
      diff-lcs (>= 1.2.0, < 2.0)
      rspec-support (~> 3.4.0)
    rspec-mocks (3.4.1)
      diff-lcs (>= 1.2.0, < 2.0)
      rspec-support (~> 3.4.0)
    rspec-support (3.4.1)
    smaak (0.1.16)
      persistent-cache-ram
    soar_customer (0.1.3)
      faraday (~> 0.9)
      faraday_middleware (~> 0.10)
      soar_idm (~> 0.0.2)
    soar_idm (0.0.2)
      jsender

PLATFORMS
  ruby

DEPENDENCIES
  eh
  jsender
  rake
  rspec
  smaak
  soar_customer

BUNDLED WITH
   1.11.2
